GEM
  remote: https://rubygems.org/
  specs:

PLATFORMS
   x86_64-linux
  arm64-darwin-21
  arm64-darwin-22
  arm64-darwin-23
  x86_64-linux

DEPENDENCIES

BUNDLED WITH
   2.3.7
